GEM
  remote: https://rubygems.org/
  specs:
    byebug (11.1.3)
    sqlite3 (1.4.4)

PLATFORMS
  x86_64-darwin-19

DEPENDENCIES
  byebug
  sqlite3

BUNDLED WITH
   2.3.8
